GEM
  remote: https://rubygems.org/
  specs:
    ansi (1.5.0)
    builder (3.2.4)
    docile (1.3.2)
    minitest (5.14.2)
    minitest-reporters (1.4.2)
      ansi
      builder
      minitest (>= 5.0)
      ruby-progressbar
    rake (13.0.1)
    ruby-progressbar (1.10.1)
    simplecov (0.20.0)
      docile (~> 1.1)
      simplecov-html (~> 0.11)
      simplecov_json_formatter (~> 0.1)
    simplecov-html (0.12.3)
    simplecov_json_formatter (0.1.2)
    stamp (0.6.0)

PLATFORMS
  ruby

DEPENDENCIES
  minitest (~> 5.13)
  minitest-reporters (~> 1.4)
  rake
  simplecov (~> 0.20)
  stamp (~> 0.6)

RUBY VERSION
   ruby 2.5.0p0

BUNDLED WITH
   2.1.4
